GEM
  remote: https://rubygems.org/
  specs:
    byebug (6.0.2)
    dotenv (2.0.2)

PLATFORMS
  ruby

DEPENDENCIES
  byebug
  dotenv

BUNDLED WITH
   1.10.6
